GEM
  remote: https://rubygems.org/
  specs:
    hoe (3.26.0)
      rake (>= 0.8, < 15.0)
    rake (13.0.6)
    rdoc (6.1.2.1)

PLATFORMS
  x86_64-linux

DEPENDENCIES
  hoe (~> 3.7)
  rdoc (~> 6.1.2.1)

BUNDLED WITH
   2.4.18
